GEM
  remote: https://rubygems.org/
  specs:
    ProMotion (2.4.2)
      methadone (~> 1.7)
      motion_print (~> 1.0)
    RedAlert (1.3)
      ruby_motion_query (>= 1.3.4)
    activesupport (4.2.4)
      i18n (~> 0.7)
      json (~> 1.7, >= 1.7.7)
      minitest (~> 5.1)
      thread_safe (~> 0.3, >= 0.3.4)
      tzinfo (~> 1.1)
    afmotion (2.5)
      motion-cocoapods (>= 1.4.1)
      motion-require (>= 0.1)
    appium_lib (7.0.0)
      awesome_print (~> 1.6)
      json (~> 1.8)
      nokogiri (~> 1.6.6)
      selenium-webdriver (~> 2.45)
      toml (~> 0.0)
    awesome_print (1.6.1)
    blankslate (2.1.2.4)
    builder (3.2.2)
    childprocess (0.5.6)
      ffi (~> 1.0, >= 1.0.11)
    claide (0.9.1)
    cocoapods (0.38.2)
      activesupport (>= 3.2.15)
      claide (~> 0.9.1)
      cocoapods-core (= 0.38.2)
      cocoapods-downloader (~> 0.9.1)
      cocoapods-plugins (~> 0.4.2)
      cocoapods-stats (~> 0.5.3)
      cocoapods-trunk (~> 0.6.1)
      cocoapods-try (~> 0.4.5)
      colored (~> 1.2)
      escape (~> 0.0.4)
      molinillo (~> 0.3.1)
      nap (~> 0.8)
      xcodeproj (~> 0.26.3)
    cocoapods-core (0.38.2)
      activesupport (>= 3.2.15)
      fuzzy_match (~> 2.0.4)
      nap (~> 0.8.0)
    cocoapods-downloader (0.9.3)
    cocoapods-plugins (0.4.2)
      nap
    cocoapods-stats (0.5.3)
      nap (~> 0.8)
    cocoapods-trunk (0.6.4)
      nap (>= 0.8, < 2.0)
      netrc (= 0.7.8)
    cocoapods-try (0.4.5)
    colored (1.2)
    cucumber (2.1.0)
      builder (>= 2.1.2)
      cucumber-core (~> 1.3.0)
      diff-lcs (>= 1.1.3)
      gherkin3 (~> 3.1.0)
      multi_json (>= 1.7.5, < 2.0)
      multi_test (>= 0.1.2)
    cucumber-core (1.3.0)
      gherkin3 (~> 3.1.0)
    diff-lcs (1.2.5)
    escape (0.0.4)
    ffi (1.9.10)
    fuzzy_match (2.0.4)
    gherkin3 (3.1.1)
    haml (4.0.7)
      tilt
    i18n (0.7.0)
    json (1.8.3)
    methadone (1.9.1)
      bundler
    mini_portile (0.6.2)
    minitest (5.8.0)
    molinillo (0.3.1)
    motion-cocoapods (1.7.4)
      cocoapods (>= 0.34)
    motion-environment-settings (0.0.3)
    motion-juxtapose (0.3.2)
      haml
      sinatra (~> 1.4)
    motion-require (0.2.0)
    motion-yaml (1.4)
    motion_print (1.2.0)
    multi_json (1.11.2)
    multi_test (0.1.2)
    nap (0.8.0)
    netrc (0.7.8)
    newclear (1.3)
      reset-sim
    nokogiri (1.6.6.2)
      mini_portile (~> 0.6.0)
    parslet (1.5.0)
      blankslate (~> 2.0)
    rack (1.6.4)
    rack-protection (1.5.3)
      rack
    rake (10.4.2)
    rake-hooks (1.2.3)
      rake
    redpotion (1.4.0)
      ProMotion (>= 2.4.2)
      RedAlert
      motion-cocoapods
      motion_print
      rake
      ruby_motion_query (>= 1.6.1)
    reset-sim (1.0)
    rspec (3.3.0)
      rspec-core (~> 3.3.0)
      rspec-expectations (~> 3.3.0)
      rspec-mocks (~> 3.3.0)
    rspec-core (3.3.2)
      rspec-support (~> 3.3.0)
    rspec-expectations (3.3.1)
      diff-lcs (>= 1.2.0, < 2.0)
      rspec-support (~> 3.3.0)
    rspec-mocks (3.3.2)
      diff-lcs (>= 1.2.0, < 2.0)
      rspec-support (~> 3.3.0)
    rspec-support (3.3.0)
    ruby_motion_query (1.6.1)
    rubyzip (1.1.7)
    selenium-webdriver (2.47.1)
      childprocess (~> 0.5)
      multi_json (~> 1.0)
      rubyzip (~> 1.0)
      websocket (~> 1.0)
    sinatra (1.4.6)
      rack (~> 1.4)
      rack-protection (~> 1.4)
      tilt (>= 1.3, < 3)
    test_sweet (0.5.2)
      appium_lib (>= 7.0)
      cucumber (>= 2.0)
      motion-juxtapose (>= 0.3)
      rspec (>= 3.3.0)
    thread_safe (0.3.5)
    tilt (2.0.1)
    toml (0.1.2)
      parslet (~> 1.5.0)
    turnkey (0.2.2)
    tzinfo (1.2.2)
      thread_safe (~> 0.1)
    websocket (1.2.2)
    xcodeproj (0.26.3)
      activesupport (>= 3)
      claide (~> 0.9.1)
      colored (~> 1.2)

PLATFORMS
  ruby

DEPENDENCIES
  afmotion
  appium_lib
  motion-cocoapods
  motion-environment-settings (= 0.0.3)
  motion-juxtapose (~> 0.1)
  motion-yaml (= 1.4)
  newclear
  rake
  rake-hooks
  redpotion
  test_sweet
  turnkey

BUNDLED WITH
   1.10.6
